GEM
  remote: http://rubygems.org/
  specs:
    builder (3.2.0)
    childprocess (0.3.9)
      ffi (~> 1.0, >= 1.0.11)
    diff-lcs (1.2.4)
    ffi (1.8.1)
    hpricot (0.8.6)
    multi_json (1.7.3)
    nokogiri (1.5.9)
    parallel (0.6.5)
    parallel_split_test (0.3.0)
      parallel (>= 0.5.13)
      rspec (>= 2)
    require_all (1.2.1)
    rspec (2.13.0)
      rspec-core (~> 2.13.0)
      rspec-expectations (~> 2.13.0)
      rspec-mocks (~> 2.13.0)
    rspec-core (2.13.1)
    rspec-expectations (2.13.0)
      diff-lcs (>= 1.1.3, < 2.0)
    rspec-mocks (2.13.1)
    rspec-retry (0.2.1)
      rspec
    rubyzip (0.9.9)
    selenium-webdriver (2.32.1)
      childprocess (>= 0.2.5)
      multi_json (~> 1.0)
      rubyzip
      websocket (~> 1.0.4)
    watir-webdriver (0.6.4)
      selenium-webdriver (>= 2.18.0)
    websocket (1.0.7)

PLATFORMS
  ruby

DEPENDENCIES
  builder
  hpricot
  nokogiri
  parallel_split_test
  require_all
  rspec
  rspec-expectations
  rspec-retry
  watir-webdriver
